GEM
  remote: https://rubygems.org/
  specs:
<<<<<<< HEAD
    activesupport (4.2.8)
      i18n (~> 0.7)
      minitest (~> 5.1)
      thread_safe (~> 0.3, >= 0.3.4)
      tzinfo (~> 1.1)
    addressable (2.5.1)
      public_suffix (~> 2.0, >= 2.0.2)
=======
    actionpack (5.1.1)
      actionview (= 5.1.1)
      activesupport (= 5.1.1)
      rack (~> 2.0)
      rack-test (~> 0.6.3)
      rails-dom-testing (~> 2.0)
      rails-html-sanitizer (~> 1.0, >= 1.0.2)
    actionview (5.1.1)
      activesupport (= 5.1.1)
      builder (~> 3.1)
      erubi (~> 1.4)
      rails-dom-testing (~> 2.0)
      rails-html-sanitizer (~> 1.0, >= 1.0.3)
    activesupport (5.1.1)
      concurrent-ruby (~> 1.0, >= 1.0.2)
      i18n (~> 0.7)
      minitest (~> 5.1)
      tzinfo (~> 1.1)
    addressable (2.4.0)
    architect (0.1.0)
      coffee-rails
    builder (3.2.3)
    coffee-rails (4.2.1)
      coffee-script (>= 2.2.0)
      railties (>= 4.0.0, < 5.2.x)
>>>>>>> a7b7b9399798dbdb07516722f24a334091a4b624
    coffee-script (2.4.1)
      coffee-script-source
      execjs
    coffee-script-source (1.12.2)
<<<<<<< HEAD
    colorator (1.1.0)
=======
    colorator (0.1)
    concurrent-ruby (1.0.5)
    erubi (1.6.0)
>>>>>>> a7b7b9399798dbdb07516722f24a334091a4b624
    ethon (0.10.1)
      ffi (>= 1.3.0)
    execjs (2.7.0)
    faraday (0.12.1)
      multipart-post (>= 1.2, < 3)
    ffi (1.9.18)
<<<<<<< HEAD
    forwardable-extended (2.6.0)
    gemoji (3.0.0)
    github-pages (138)
      activesupport (= 4.2.8)
      github-pages-health-check (= 1.3.3)
      jekyll (= 3.4.3)
      jekyll-avatar (= 0.4.2)
      jekyll-coffeescript (= 1.0.1)
      jekyll-default-layout (= 0.1.4)
      jekyll-feed (= 0.9.2)
      jekyll-gist (= 1.4.0)
      jekyll-github-metadata (= 2.3.1)
      jekyll-mentions (= 1.2.0)
      jekyll-optional-front-matter (= 0.1.2)
      jekyll-paginate (= 1.1.0)
      jekyll-readme-index (= 0.1.0)
      jekyll-redirect-from (= 0.12.1)
      jekyll-relative-links (= 0.4.0)
      jekyll-sass-converter (= 1.5.0)
      jekyll-seo-tag (= 2.2.3)
      jekyll-sitemap (= 1.0.0)
      jekyll-swiss (= 0.4.0)
      jekyll-theme-architect (= 0.0.4)
      jekyll-theme-cayman (= 0.0.4)
      jekyll-theme-dinky (= 0.0.4)
      jekyll-theme-hacker (= 0.0.4)
      jekyll-theme-leap-day (= 0.0.4)
      jekyll-theme-merlot (= 0.0.4)
      jekyll-theme-midnight (= 0.0.4)
      jekyll-theme-minimal (= 0.0.4)
      jekyll-theme-modernist (= 0.0.4)
      jekyll-theme-primer (= 0.1.8)
      jekyll-theme-slate (= 0.0.4)
      jekyll-theme-tactile (= 0.0.4)
      jekyll-theme-time-machine (= 0.0.4)
      jekyll-titles-from-headings (= 0.1.5)
      jemoji (= 0.8.0)
      kramdown (= 1.13.2)
      liquid (= 3.0.6)
      listen (= 3.0.6)
      mercenary (~> 0.3)
      minima (= 2.1.1)
      rouge (= 1.11.1)
      terminal-table (~> 1.4)
    github-pages-health-check (1.3.3)
      addressable (~> 2.3)
      net-dns (~> 0.8)
      octokit (~> 4.0)
      public_suffix (~> 2.0)
=======
    gemoji (2.1.0)
    github-pages (86)
      github-pages-health-check (= 1.1.0)
      jekyll (= 3.1.6)
      jekyll-coffeescript (= 1.0.1)
      jekyll-feed (= 0.5.1)
      jekyll-gist (= 1.4.0)
      jekyll-github-metadata (= 2.0.2)
      jekyll-mentions (= 1.1.3)
      jekyll-paginate (= 1.1.0)
      jekyll-redirect-from (= 0.10.0)
      jekyll-sass-converter (= 1.3.0)
      jekyll-seo-tag (= 2.0.0)
      jekyll-sitemap (= 0.10.0)
      jemoji (= 0.6.2)
      kramdown (= 1.11.1)
      liquid (= 3.0.6)
      listen (= 3.0.6)
      mercenary (~> 0.3)
      rouge (= 1.11.1)
      terminal-table (~> 1.4)
    github-pages-health-check (1.1.0)
      addressable (~> 2.3)
      net-dns (~> 0.8)
      octokit (~> 4.0)
      public_suffix (~> 1.4)
>>>>>>> a7b7b9399798dbdb07516722f24a334091a4b624
      typhoeus (~> 0.7)
    html-pipeline (2.5.0)
      activesupport (>= 2)
      nokogiri (>= 1.4)
    i18n (0.8.1)
<<<<<<< HEAD
    jekyll (3.4.3)
      addressable (~> 2.4)
      colorator (~> 1.0)
=======
    jekyll (3.1.6)
      colorator (~> 0.1)
>>>>>>> a7b7b9399798dbdb07516722f24a334091a4b624
      jekyll-sass-converter (~> 1.0)
      jekyll-watch (~> 1.1)
      kramdown (~> 1.3)
      liquid (~> 3.0)
      mercenary (~> 0.3.3)
<<<<<<< HEAD
      pathutil (~> 0.9)
      rouge (~> 1.7)
      safe_yaml (~> 1.0)
    jekyll-avatar (0.4.2)
      jekyll (~> 3.0)
    jekyll-coffeescript (1.0.1)
      coffee-script (~> 2.2)
    jekyll-default-layout (0.1.4)
      jekyll (~> 3.0)
    jekyll-feed (0.9.2)
      jekyll (~> 3.3)
    jekyll-gist (1.4.0)
      octokit (~> 4.2)
    jekyll-github-metadata (2.3.1)
      jekyll (~> 3.1)
      octokit (~> 4.0, != 4.4.0)
    jekyll-mentions (1.2.0)
      activesupport (~> 4.0)
      html-pipeline (~> 2.3)
      jekyll (~> 3.0)
    jekyll-optional-front-matter (0.1.2)
      jekyll (~> 3.0)
    jekyll-paginate (1.1.0)
    jekyll-readme-index (0.1.0)
      jekyll (~> 3.0)
    jekyll-redirect-from (0.12.1)
      jekyll (~> 3.3)
    jekyll-relative-links (0.4.0)
      jekyll (~> 3.3)
    jekyll-sass-converter (1.5.0)
      sass (~> 3.4)
    jekyll-seo-tag (2.2.3)
      jekyll (~> 3.3)
    jekyll-sitemap (1.0.0)
      jekyll (~> 3.3)
    jekyll-swiss (0.4.0)
    jekyll-theme-architect (0.0.4)
      jekyll (~> 3.3)
    jekyll-theme-cayman (0.0.4)
      jekyll (~> 3.3)
    jekyll-theme-dinky (0.0.4)
      jekyll (~> 3.3)
    jekyll-theme-hacker (0.0.4)
      jekyll (~> 3.3)
    jekyll-theme-leap-day (0.0.4)
      jekyll (~> 3.3)
    jekyll-theme-merlot (0.0.4)
      jekyll (~> 3.3)
    jekyll-theme-midnight (0.0.4)
      jekyll (~> 3.3)
    jekyll-theme-minimal (0.0.4)
      jekyll (~> 3.3)
    jekyll-theme-modernist (0.0.4)
      jekyll (~> 3.3)
    jekyll-theme-primer (0.1.8)
      jekyll (~> 3.3)
    jekyll-theme-slate (0.0.4)
      jekyll (~> 3.3)
    jekyll-theme-tactile (0.0.4)
      jekyll (~> 3.3)
    jekyll-theme-time-machine (0.0.4)
      jekyll (~> 3.3)
    jekyll-titles-from-headings (0.1.5)
      jekyll (~> 3.3)
    jekyll-watch (1.5.0)
      listen (~> 3.0, < 3.1)
    jemoji (0.8.0)
      activesupport (~> 4.0)
      gemoji (~> 3.0)
      html-pipeline (~> 2.2)
      jekyll (>= 3.0)
    kramdown (1.13.2)
=======
      rouge (~> 1.7)
      safe_yaml (~> 1.0)
    jekyll-coffeescript (1.0.1)
      coffee-script (~> 2.2)
    jekyll-feed (0.5.1)
    jekyll-gist (1.4.0)
      octokit (~> 4.2)
    jekyll-github-metadata (2.0.2)
      jekyll (~> 3.1)
      octokit (~> 4.0)
    jekyll-mentions (1.1.3)
      html-pipeline (~> 2.3)
      jekyll (~> 3.0)
    jekyll-paginate (1.1.0)
    jekyll-redirect-from (0.10.0)
      jekyll (>= 2.0)
    jekyll-sass-converter (1.3.0)
      sass (~> 3.2)
    jekyll-seo-tag (2.0.0)
      jekyll (~> 3.1)
    jekyll-sitemap (0.10.0)
    jekyll-watch (1.5.0)
      listen (~> 3.0, < 3.1)
    jemoji (0.6.2)
      gemoji (~> 2.0)
      html-pipeline (~> 2.2)
      jekyll (>= 3.0)
    kramdown (1.11.1)
>>>>>>> a7b7b9399798dbdb07516722f24a334091a4b624
    liquid (3.0.6)
    listen (3.0.6)
      rb-fsevent (>= 0.9.3)
      rb-inotify (>= 0.9.7)
<<<<<<< HEAD
    mercenary (0.3.6)
    mini_portile2 (2.1.0)
    minima (2.1.1)
      jekyll (~> 3.3)
    minitest (5.10.2)
    multi_json (1.12.1)
=======
    loofah (2.0.3)
      nokogiri (>= 1.5.9)
    mercenary (0.3.6)
    method_source (0.8.2)
    mini_portile2 (2.1.0)
    minitest (5.10.2)
>>>>>>> a7b7b9399798dbdb07516722f24a334091a4b624
    multipart-post (2.0.0)
    net-dns (0.8.0)
    nokogiri (1.7.2)
      mini_portile2 (~> 2.1.0)
    octokit (4.7.0)
      sawyer (~> 0.8.0, >= 0.5.3)
<<<<<<< HEAD
    pathutil (0.14.0)
      forwardable-extended (~> 2.6)
    public_suffix (2.0.5)
    pygments.rb (1.1.2)
      multi_json (>= 1.0.0)
=======
    public_suffix (1.5.3)
    rack (2.0.3)
    rack-test (0.6.3)
      rack (>= 1.0)
    rails-dom-testing (2.0.3)
      activesupport (>= 4.2.0)
      nokogiri (>= 1.6)
    rails-html-sanitizer (1.0.3)
      loofah (~> 2.0)
    railties (5.1.1)
      actionpack (= 5.1.1)
      activesupport (= 5.1.1)
      method_source
      rake (>= 0.8.7)
      thor (>= 0.18.1, < 2.0)
    rake (12.0.0)
>>>>>>> a7b7b9399798dbdb07516722f24a334091a4b624
    rb-fsevent (0.9.8)
    rb-inotify (0.9.8)
      ffi (>= 0.5.0)
    rouge (1.11.1)
    safe_yaml (1.0.4)
    sass (3.4.23)
    sawyer (0.8.1)
      addressable (>= 2.3.5, < 2.6)
      faraday (~> 0.8, < 1.0)
    terminal-table (1.8.0)
      unicode-display_width (~> 1.1, >= 1.1.1)
<<<<<<< HEAD
=======
    thor (0.19.4)
>>>>>>> a7b7b9399798dbdb07516722f24a334091a4b624
    thread_safe (0.3.6)
    typhoeus (0.8.0)
      ethon (>= 0.8.0)
    tzinfo (1.2.3)
      thread_safe (~> 0.1)
    unicode-display_width (1.2.1)

PLATFORMS
  ruby

DEPENDENCIES
<<<<<<< HEAD
  github-pages
  jekyll
  jekyll-paginate
  pygments.rb

BUNDLED WITH
   1.14.6
=======
  architect
  github-pages
>>>>>>> a7b7b9399798dbdb07516722f24a334091a4b624
